GEM
  remote: http://rubygems.org/
  specs:
    diff-lcs (1.1.2)
    directory_watcher (1.3.2)
    iobuffer (1.0.0)
    rev (0.3.2)
      iobuffer (>= 0.1.3)
    rspec (2.5.0)
      rspec-core (~> 2.5.0)
      rspec-expectations (~> 2.5.0)
      rspec-mocks (~> 2.5.0)
    rspec-core (2.5.1)
    rspec-expectations (2.5.0)
      diff-lcs (~> 1.1.2)
    rspec-mocks (2.5.0)

PLATFORMS
  ruby

DEPENDENCIES
  directory_watcher
  rev
  rspec
